GEM
  remote: https://rubygems.org/
  specs:
    hashie (4.1.0)

PLATFORMS
  ruby

DEPENDENCIES
  hashie

BUNDLED WITH
   2.0.1
